##TITLE= Parameter file, TopSpin 3.6.2
##JCAMPDX= 5.0
##DATATYPE= Parameter Values
##NPOINTS= 29301	$$ modification sequence number
##ORIGIN= Bruker BioSpin GmbH
##OWNER= nmrsu
$$ 2021-07-02 17:13:15.638 +0800  nmrsu@IVDR06
$$ C:/Bruker/TopSpin3.6.2/conf/instr/spect/specpar
$$ process C:\Bruker\TopSpin3.6.2\prog\mod\hconfserver.exe
##$ANCIEN= (0..7)
0 0 0 0 0 0 0 0
##$BF1= 100.13
##$BF2= 100.13
##$BF3= 100.13
##$DEC= 1
##$DECB= 1
##$DEF19F= yes
##$DEFRSEL= yes
##$HPMOD= (0..7)
0 0 0 0 0 0 0 0
##$HPPRECH= (0..15)
-1 -1 -1 -1 -1 -1 -1 -1 -1 -1 -1 -1 -1 -1 -1 -1
##$HPSELECT= no
##$LOCSW19F= -1
##$LOCSW2H= -1
##$NUC1= 1
##$NUC2= 0
##$NUC3= 0
##$NUC4= 0
##$NUC5= 0
##$NUC6= 0
##$NUC7= 0
##$NUC8= 0
##$NUCARR= (0..123)
600.63 600.63 92.200361997 640.655827035 457.55378355 88.389227343 233.427623922
84.399404421 64.529633045 192.705973035 151.028533626 43.403427798 60.861309346
81.42414768 565.156858269 47.415510066 158.87804697 36.768376302 156.505312212
119.328285279 243.139480675 46.1043588 58.849180827 48.985731069 28.027636149
15.383966223 40.422573183 145.903520007 33.860720463 33.869747934 59.884666947
157.983396572 33.950586726 148.891480073 19.447066001 142.511924565 53.672603121
159.259885479 170.601101265 37.580235858 144.159332529 183.172353234 20.951866383
102.843556467 114.549228531 31.339203649 150.481720074 162.209249063 23.10983988
57.99048414 196.528862859 26.030235079 29.432059247 55.836354677 147.011219871
39.142612635 39.96408828 135.191758455 27.659918451 31.000730625 19.138756617
27.48542943 24.31241526 27.950515257 127.426537524 133.298867004 131.332284255
131.613823563 196.518622119 214.018037232 223.978722982 143.734224636 77.836945068
157.183321375 189.497377545 120.170963163 167.036320173 49.515462702 78.779483695
59.66932908 66.747579446 79.24892409 84.842837538 183.912906 32.734335
20.181168 25.046271 20.661672 149.316618 65.949174 18.439341 24.205389
144.391452 20.661672 28.950366 128.174442 17.298144 49.792227 105.106081629
28.9563723 68.4958452 48.8372253 24.0672441 15.1178571 72.01313448 25.024570239
135.28950498 136.65293508 13.708364685 46.64132202 10.3188234 11.2377873
129.116133738 10.3848927 107.577770179 39.711150972 343.09907616 346.466436179
125.655393774 96.516964514 11.06000082 21.802869 100 100
##$NUCOFFS= (0..127)
<1H> <15N> <13C> <79Br> <2H> <> <> <> <> <> <> <> <> <> <> <> <> <> <>
<> <> <> <> <> <> <> <> <> <> <> <> <> <> <> <> <> <> <> <> <> <> <> <>
<> <> <> <> <> <> <> <> <> <> <> <> <> <> <> <> <> <> <> <> <> <> <> <>
<> <> <> <> <> <> <> <> <> <> <> <> <> <> <> <> <> <> <> <> <> <> <> <>
<> <> <> <> <> <> <> <> <> <> <> <> <> <> <> <> <> <> <> <> <> <> <> <>
<> <> <> <> <> <> <> <> <> <> <> <> <>
##$OBS= 1
##$OFFS= (0..127)
2820 0 500 0 0 0 0 0 0 0 0 0 0 0 0 0 0 0 0 0 0 0 0 0 0 0 0 0 0 0 0 0 0
0 0 0 0 0 0 0 0 0 0 0 0 0 0 0 0 0 0 0 0 0 0 0 0 0 0 0 0 0 0 0 0 0 0 0 0
0 0 0 0 0 0 0 0 0 0 0 0 0 0 0 0 0 0 0 0 0 0 0 0 0 0 0 0 0 0 0 0 0 0 0 0
0 0 0 0 0 0 0 0 0 0 0 0 0 0 0 0 0 0 0 0 0 0 0
##$OFFSF= (0..7)
0 0 0 0 0 0 0 0
##$OFFSH= (0..7)
0 0 0 0 0 0 0 0
##$OFFSX= (0..7)
0 0 0 0 0 0 0 0
##$OFFSXAS= (0..7)
0 0 0 0 0 0 0 0
##$OFSF1= 0
##$OFSF2= 0
##$OFSH1= 0
##$OFSH2= 0
##$OFSH3= 0
##$OFSX1= 0
##$OFSX2= 0
##$OFSY= 0
##$PACOIL= (0..15)
0 0 0 0 0 0 0 0 0 0 0 0 0 0 0 0
##$PRECHAN= (0..15)
-1 2 -1 0 1 -1 -1 -1 -1 -1 -1 -1 -1 -1 -1 -1
##$RECPRE= (0..15)
-1 0 -1 -1 -1 -1 -1 -1 -1 -1 -1 -1 -1 -1 -1 -1
##$RECPRFX= (0..15)
1 0 0 0 0 0 0 0 0 0 0 0 0 0 0 0
##$RECSEL= (0..15)
0 0 1 0 0 0 0 0 0 0 0 0 0 0 0 0
##$SELREC= (0..9)
0 0 0 0 0 0 0 0 0 0
##$SFO1= 600.632822
##$SFO2= 600.632822
##$SFO3= 600.632822
##$SFO4= 600.632822
##$SFO5= 600.632822
##$SFO6= 600.632822
##$SFO7= 600.632822
##$SFO8= 600.632822
##$TY= (0..123)
0 0 0 0 0 0 0 0 0 0 0 0 0 0 0 0 0 0 0 0 0 0 0 0 0 0 0 0 0 0 0 0 0 0 0 0
0 0 0 0 0 0 0 0 0 0 0 0 0 0 0 0 0 0 0 0 0 0 0 0 0 0 0 0 0 0 0 0 0 0 0 0
0 0 0 0 0 0 0 0 0 0 0 0 0 0 0 0 0 0 0 0 0 0 0 0 0 0 0 0 0 0 0 0 0 0 0 0
0 0 0 0 0 0 0 0 0 0 0 0 0 0 0 0
##END=
